GEM
  remote: https://rubygems.org/
  specs:
    mysql2 (0.3.16)
    plist (3.1.0)

PLATFORMS
  ruby

DEPENDENCIES
  mysql2
  plist
