GEM
  remote: https://rubygems.org/
  specs:
    mysql2 (0.4.1)
    plist (3.1.0)

PLATFORMS
  ruby

DEPENDENCIES
  mysql2
  plist

BUNDLED WITH
   1.10.6
